GEM
  remote: https://rubygems.org/
  specs:
    eventmachine (0.12.10)
    eventmachine-tail (0.6.3)
      eventmachine
    excon (0.16.2)
    file-tail (1.0.11)
      tins (~> 0.5.0)
    foreman (0.55.0)
      thor (>= 0.13.6)
    heroku-api (0.3.4)
      excon (~> 0.16.1)
    hipchat-api (1.0.4)
      httparty
    httparty (0.8.3)
      multi_json (~> 1.0)
      multi_xml
    multi_json (1.3.6)
    multi_xml (0.5.1)
    thor (0.16.0)
    tins (0.5.3)

PLATFORMS
  ruby

DEPENDENCIES
  eventmachine
  eventmachine-tail
  file-tail
  foreman
  heroku-api
  hipchat-api
